GEM
  remote: http://rubygems.org/
  specs:
    codecov (0.1.10)
      json
      simplecov
      url
    dalli (2.7.6)
    diff-lcs (1.3)
    docile (1.1.5)
    json (2.1.0)
    logger (1.2.8)
    rake (12.0.0)
    rspec (3.5.0)
      rspec-core (~> 3.5.0)
      rspec-expectations (~> 3.5.0)
      rspec-mocks (~> 3.5.0)
    rspec-core (3.5.4)
      rspec-support (~> 3.5.0)
    rspec-expectations (3.5.0)
      diff-lcs (>= 1.2.0, < 2.0)
      rspec-support (~> 3.5.0)
    rspec-mocks (3.5.0)
      diff-lcs (>= 1.2.0, < 2.0)
      rspec-support (~> 3.5.0)
    rspec-support (3.5.0)
    sequel (4.45.0)
    simplecov (0.14.1)
      docile (~> 1.1.0)
      json (>= 1.8, < 3)
      simplecov-html (~> 0.10.0)
    simplecov-html (0.10.0)
    sqlite3 (1.3.13-x64-mingw32)
    url (0.3.2)

PLATFORMS
  x64-mingw32

DEPENDENCIES
  codecov
  dalli
  json
  logger
  rake
  rspec
  sequel
  sqlite3

BUNDLED WITH
   1.14.6
